GIT
  remote: git://github.com/ReserveBar1/active_shipping.git
  revision: b83a83bee0506a16641d665cb4dfdb5d8a12634a
  specs:
    active_shipping (0.9.27)
      active_utils (>= 1.0.1)
      activesupport (>= 2.3.5)
      builder
      i18n

GIT
  remote: git://github.com/ReserveBar1/spree_active_shipping.git
  revision: dd4dea85d14580bff3edfcc3e04feb1846f3291f
  specs:
    spree_active_shipping (1.2.5)
      active_shipping (= 0.9.27)
      spree_core (~> 1.0.0)

GIT
  remote: git://github.com/ReserveBar1/spree_gift_packaging.git
  revision: 936e186380ff9283ac851985319e19b7991f499f
  specs:
    spree_gift_packaging (0.3.1)

GIT
  remote: git://github.com/ReserveBar1/spree_sendgrid.git
  revision: bdeebb8b35b7751fa09e0c046bf0ca89f8bc0fd6
  specs:
    spree_sendgrid (0.2.11)
      gatling_gun

GIT
  remote: git://github.com/citrus/spree_essential_blog.git
  revision: 0ad2f408bd46968c50538790ea5530eb7f9c1ad4
  branch: 1.0.x
  specs:
    spree_essential_blog (0.1.0)
      acts-as-taggable-on (~> 2.2.0)
      spree_essentials (~> 0.4.0.rc3)

GIT
  remote: git://github.com/spree/spree_gateway.git
  revision: 2fcfb3ffd147b1e74918656304649cea8377fabd
  branch: 1-1-stable
  specs:
    spree_gateway (1.1.0)
      spree_core (~> 1.0)

GIT
  remote: git://github.com/spree/spree_related_products.git
  revision: 098d7521de3a2c90bf35c63723ded646ce1e1c93
  branch: 1-0-stable
  specs:
    spree_related_products (3.2)
      spree_core (~> 1.0.0)
      spree_promo (~> 1.0.0)

PATH
  remote: .
  specs:
    spree_reservebar_core (0.10.6)
      spree_api (= 1.0.3)
      spree_auth (= 1.0.3)
      spree_core (= 1.0.3)
      spree_promo (= 1.0.3)

GEM
  remote: http://rubygems.org/
  specs:
    actionmailer (3.1.1)
      actionpack (= 3.1.1)
      mail (~> 2.3.0)
    actionpack (3.1.1)
      activemodel (= 3.1.1)
      activesupport (= 3.1.1)
      builder (~> 3.0.0)
      erubis (~> 2.7.0)
      i18n (~> 0.6)
      rack (~> 1.3.2)
      rack-cache (~> 1.1)
      rack-mount (~> 0.8.2)
      rack-test (~> 0.6.1)
      sprockets (~> 2.0.2)
    active_utils (2.2.3)
      activesupport (>= 2.3.11)
      i18n
    activemerchant (1.20.1)
      active_utils (>= 1.0.1)
      activesupport (>= 2.3.11)
      braintree (>= 2.0.0)
      builder (>= 2.0.0)
      i18n
      json (>= 1.5.1)
      money (<= 3.7.1)
    activemodel (3.1.1)
      activesupport (= 3.1.1)
      builder (~> 3.0.0)
      i18n (~> 0.6)
    activerecord (3.1.1)
      activemodel (= 3.1.1)
      activesupport (= 3.1.1)
      arel (~> 2.2.1)
      tzinfo (~> 0.3.29)
    activeresource (3.1.1)
      activemodel (= 3.1.1)
      activesupport (= 3.1.1)
    activesupport (3.1.1)
      multi_json (~> 1.0)
    acts-as-taggable-on (2.2.2)
      rails (~> 3.0)
    acts_as_list (0.1.4)
    addressable (2.3.8)
    akami (1.2.2)
      gyoku (>= 0.4.0)
      nokogiri
    arel (2.2.3)
    bcrypt (3.1.10)
    bcrypt-ruby (3.1.5)
      bcrypt (>= 3.1.3)
    braintree (2.47.0)
      builder (>= 2.0.0)
    builder (3.0.4)
    cancan (1.6.7)
    capybara (1.1.4)
      mime-types (>= 1.16)
      nokogiri (>= 1.3.3)
      rack (>= 1.0.0)
      rack-test (>= 0.5.4)
      selenium-webdriver (~> 2.0)
      xpath (~> 0.1.4)
    childprocess (0.5.6)
      ffi (~> 1.0, >= 1.0.11)
    climate_control (0.0.3)
      activesupport (>= 3.0)
    cocaine (0.5.7)
      climate_control (>= 0.0.3, < 1.0)
    coderay (1.1.0)
    coffee-rails (3.1.1)
      coffee-script (>= 2.2.0)
      railties (~> 3.1.0)
    coffee-script (2.4.1)
      coffee-script-source
      execjs
    coffee-script-source (1.9.1.1)
    colorize (0.7.7)
    columnize (0.9.0)
    database_cleaner (0.7.1)
    debugger (1.6.8)
      columnize (>= 0.3.1)
      debugger-linecache (~> 1.2.0)
      debugger-ruby_core_source (~> 1.3.5)
    debugger-linecache (1.2.0)
    debugger-ruby_core_source (1.3.8)
    deface (1.0.1)
      colorize (>= 0.5.8)
      nokogiri (~> 1.6.0)
      polyglot
      rails (>= 3.1)
    devise (1.4.8)
      bcrypt-ruby (~> 3.0)
      orm_adapter (~> 0.0.3)
      warden (~> 1.0.3)
    diff-lcs (1.2.5)
    docile (1.1.5)
    erubis (2.7.0)
    execjs (2.6.0)
    factory_girl (2.4.2)
      activesupport
    factory_girl_rails (1.5.0)
      factory_girl (~> 2.4.0)
      railties (>= 3.0.0)
    ffaker (1.12.1)
    ffi (1.0.11)
    formatador (0.2.5)
    gatling_gun (0.0.4)
    guard (1.8.3)
      formatador (>= 0.2.4)
      listen (~> 1.3)
      lumberjack (>= 1.0.2)
      pry (>= 0.9.10)
      thor (>= 0.14.6)
    guard-rspec (0.5.11)
      guard (>= 0.8.4)
    gyoku (0.4.6)
      builder (>= 2.1.2)
    highline (1.6.8)
    hike (1.2.3)
    httpi (1.1.1)
      rack
    i18n (0.7.0)
    jquery-rails (1.0.19)
      railties (~> 3.0)
      thor (~> 0.14)
    json (1.8.3)
    kaminari (0.16.3)
      actionpack (>= 3.0.0)
      activesupport (>= 3.0.0)
    launchy (2.4.3)
      addressable (~> 2.3)
    listen (1.3.1)
      rb-fsevent (>= 0.9.3)
      rb-inotify (>= 0.9)
      rb-kqueue (>= 0.2)
    lumberjack (1.0.9)
    mail (2.3.3)
      i18n (>= 0.4.0)
      mime-types (~> 1.16)
      treetop (~> 1.4.8)
    meta_search (1.1.1)
      actionpack (~> 3.1.0)
      activerecord (~> 3.1.0)
      activesupport (~> 3.1.0)
      polyamorous (~> 0.5.0)
    method_source (0.8.2)
    mime-types (1.25.1)
    mini_portile (0.6.2)
    money (3.7.1)
      i18n (~> 0.4)
    multi_json (1.0.4)
    nested_set (1.6.8)
      activerecord (>= 3.0.0)
      railties (>= 3.0.0)
    nokogiri (1.6.6.2)
      mini_portile (~> 0.6.0)
    nori (1.1.5)
    orm_adapter (0.0.7)
    paperclip (2.5.0)
      activerecord (>= 2.3.0)
      activesupport (>= 2.3.2)
      cocaine (>= 0.0.2)
      mime-types
    polyamorous (0.5.0)
      activerecord (~> 3.0)
    polyglot (0.3.5)
    pry (0.10.1)
      coderay (~> 1.1.0)
      method_source (~> 0.8.1)
      slop (~> 3.4)
    pry-debugger (0.2.3)
      debugger (~> 1.3)
      pry (>= 0.9.10, < 0.11.0)
    rack (1.3.10)
    rack-cache (1.2)
      rack (>= 0.4)
    rack-mount (0.8.3)
      rack (>= 1.0.0)
    rack-ssl (1.3.4)
      rack
    rack-test (0.6.3)
      rack (>= 1.0)
    rails (3.1.1)
      actionmailer (= 3.1.1)
      actionpack (= 3.1.1)
      activerecord (= 3.1.1)
      activeresource (= 3.1.1)
      activesupport (= 3.1.1)
      bundler (~> 1.0)
      railties (= 3.1.1)
    railties (3.1.1)
      actionpack (= 3.1.1)
      activesupport (= 3.1.1)
      rack-ssl (~> 1.3.2)
      rake (>= 0.8.7)
      rdoc (~> 3.4)
      thor (~> 0.14.6)
    rake (10.4.2)
    rb-fsevent (0.9.5)
    rb-inotify (0.9.5)
      ffi (>= 0.5.0)
    rb-kqueue (0.2.4)
      ffi (>= 0.5.0)
    rdiscount (1.6.8)
    rdoc (3.12.2)
      json (~> 1.4)
    rspec-core (2.14.8)
    rspec-expectations (2.14.5)
      diff-lcs (>= 1.1.3, < 2.0)
    rspec-mocks (2.14.6)
    rspec-rails (2.14.2)
      actionpack (>= 3.0)
      activemodel (>= 3.0)
      activesupport (>= 3.0)
      railties (>= 3.0)
      rspec-core (~> 2.14.0)
      rspec-expectations (~> 2.14.0)
      rspec-mocks (~> 2.14.0)
    rubyzip (0.9.9)
    sass (3.4.17)
    sass-rails (3.1.7)
      actionpack (~> 3.1.0)
      railties (~> 3.1.0)
      sass (>= 3.1.10)
      tilt (~> 1.3.2)
    savon (1.2.0)
      akami (~> 1.2.0)
      builder (>= 2.1.2)
      gyoku (~> 0.4.5)
      httpi (~> 1.1.0)
      nokogiri (>= 1.4.0)
      nori (~> 1.1.0)
      wasabi (~> 2.5.0)
    selenium-webdriver (2.16.0)
      childprocess (>= 0.2.5)
      ffi (~> 1.0.9)
      multi_json (~> 1.0.4)
      rubyzip
    shoulda-matchers (1.0.0)
    simplecov (0.10.0)
      docile (~> 1.1.0)
      json (~> 1.8)
      simplecov-html (~> 0.10.0)
    simplecov-html (0.10.0)
    slop (3.6.0)
    spree_api (1.0.3)
      spree_auth (= 1.0.3)
      spree_core (= 1.0.3)
    spree_auth (1.0.3)
      cancan (= 1.6.7)
      devise (= 1.4.8)
      spree_core (= 1.0.3)
    spree_core (1.0.3)
      activemerchant (= 1.20.1)
      acts_as_list (= 0.1.4)
      deface (>= 0.7.2)
      ffaker (~> 1.12.0)
      highline (= 1.6.8)
      jquery-rails (>= 1.0.18, <= 1.0.19)
      kaminari (>= 0.13.0)
      meta_search (= 1.1.1)
      nested_set (= 1.6.8)
      paperclip (= 2.5.0)
      rails (>= 3.1.1, <= 3.1.4)
      state_machine (= 1.1.1)
      stringex (~> 1.3.0)
    spree_essentials (0.4.0)
      rdiscount (~> 1.6.8)
      spree_core (~> 1.0.0)
    spree_promo (1.0.3)
      spree_auth (= 1.0.3)
      spree_core (= 1.0.3)
    sprockets (2.0.5)
      hike (~> 1.2)
      rack (~> 1.0)
      tilt (~> 1.1, != 1.3.0)
    sqlite3 (1.3.10)
    state_machine (1.1.1)
    stringex (1.3.3)
    tax_cloud (0.2.0)
      activesupport (~> 3.0)
      i18n (~> 0.6)
      savon (~> 1.2.0)
    thor (0.14.6)
    tilt (1.3.7)
    treetop (1.4.15)
      polyglot
      polyglot (>= 0.3.1)
    tzinfo (0.3.44)
    uglifier (2.7.1)
      execjs (>= 0.3.0)
      json (>= 1.8.0)
    warden (1.0.6)
      rack (>= 1.0)
    wasabi (2.5.1)
      httpi (~> 1.0)
      nokogiri (>= 1.4.0)
    xpath (0.1.4)
      nokogiri (~> 1.3)

PLATFORMS
  ruby

DEPENDENCIES
  active_shipping!
  capybara (= 1.1.4)
  coffee-rails (~> 3.1.1)
  database_cleaner (= 0.7.1)
  factory_girl_rails (~> 1.5.0)
  ffaker (~> 1.12.0)
  guard
  guard-rspec (~> 0.5.0)
  json
  launchy
  pry-debugger
  rails (= 3.1.1)
  rspec-rails (~> 2.14.0)
  rubyzip (= 0.9.9)
  sass-rails (~> 3.1.4)
  selenium-webdriver (= 2.16.0)
  shoulda-matchers (~> 1.0.0)
  simplecov
  spree_active_shipping!
  spree_essential_blog!
  spree_gateway!
  spree_gift_packaging!
  spree_related_products!
  spree_reservebar_core!
  spree_sendgrid!
  sqlite3
  tax_cloud (= 0.2.0)
  uglifier

BUNDLED WITH
   1.10.6
